GIT
  remote: git://github.com/amedse/spree-heroku.git
  revision: 0471de9c6fd977fe8c1bd1a06f1a6daa460dbcd2
  specs:
    spree_heroku (1.1.0)
      spree_core

GIT
  remote: git://github.com/minustehbare/spree-batch-products.git
  revision: bbc291ad6e1bcfaa81b2cbfa1920102cc2b62b3a
  specs:
    spree_batch_products (0.70.0)
      spreadsheet (>= 0.6.5.4)
      spree_core (>= 0.70.0)

GIT
  remote: git://github.com/rails/rails.git
  revision: 15e2b5887f2185e01b8d92646a7f441b8c1c549e
  branch: v3.0.9
  specs:
    actionmailer (3.0.9)
      actionpack (= 3.0.9)
      mail (~> 2.2.19)
    actionpack (3.0.9)
      activemodel (= 3.0.9)
      activesupport (= 3.0.9)
      builder (~> 2.1.2)
      erubis (~> 2.6.6)
      i18n (~> 0.5.0)
      rack (~> 1.2.1)
      rack-mount (~> 0.6.14)
      rack-test (~> 0.5.7)
      tzinfo (~> 0.3.23)
    activemodel (3.0.9)
      activesupport (= 3.0.9)
      builder (~> 2.1.2)
      i18n (~> 0.5.0)
    activerecord (3.0.9)
      activemodel (= 3.0.9)
      activesupport (= 3.0.9)
      arel (~> 2.0.10)
      tzinfo (~> 0.3.23)
    activeresource (3.0.9)
      activemodel (= 3.0.9)
      activesupport (= 3.0.9)
    activesupport (3.0.9)
    rails (3.0.9)
      actionmailer (= 3.0.9)
      actionpack (= 3.0.9)
      activerecord (= 3.0.9)
      activeresource (= 3.0.9)
      activesupport (= 3.0.9)
      bundler (~> 1.0)
      railties (= 3.0.9)
    railties (3.0.9)
      actionpack (= 3.0.9)
      activesupport (= 3.0.9)
      rake (>= 0.8.7)
      rdoc (~> 3.4)
      thor (~> 0.14.4)

GIT
  remote: git://github.com/sanarothe/spree_wholesale
  revision: 5ffeb3010f848cb29935f25cc29a32808776eb91
  specs:
    spree_wholesale (0.59.0.0)
      spree_auth (>= 0.60.0)
      spree_core (>= 0.60.0)

GIT
  remote: git://github.com/spree/spree.git
  revision: 42795d91d3680394ef70126e6660cac3da81e8a9
  specs:
    spree (0.70.99)
      spree_api (= 0.70.99)
      spree_auth (= 0.70.99)
      spree_core (= 0.70.99)
      spree_dash (= 0.70.99)
      spree_promo (= 0.70.99)
      spree_sample (= 0.70.99)
    spree_api (0.70.99)
      spree_auth (= 0.70.99)
      spree_core (= 0.70.99)
    spree_auth (0.70.99)
      cancan (= 1.6.4)
      devise (= 1.3.3)
      spree_core (= 0.70.99)
    spree_core (0.70.99)
      activemerchant (= 1.15.0)
      acts_as_list (= 0.1.2)
      deface (= 0.5.0)
      faker (= 0.9.5)
      highline (= 1.5.1)
      meta_search (= 1.0.5)
      nested_set (= 1.6.7)
      paperclip (= 2.3.11)
      rails (= 3.0.9)
      rd_find_by_param (= 0.1.1)
      rd_resource_controller
      rd_unobtrusive_date_picker (= 0.1.0)
      state_machine (= 0.9.4)
      stringex (= 1.0.3)
      will_paginate (= 3.0.pre2)
    spree_dash (0.70.99)
      spree_core (= 0.70.99)
    spree_promo (0.70.99)
      spree_core (= 0.70.99)
    spree_sample (0.70.99)
      spree_core (= 0.70.99)

GEM
  remote: http://rubygems.org/
  specs:
    abstract (1.0.0)
    activemerchant (1.15.0)
      activesupport (>= 2.3.8)
      braintree (>= 2.0.0)
      builder (>= 2.0.0)
    acts_as_list (0.1.2)
    arel (2.0.10)
    aws-s3 (0.6.2)
      builder
      mime-types
      xml-simple
    bcrypt-ruby (2.1.4-x86-mingw32)
    braintree (2.10.1)
      builder (>= 2.0.0)
    builder (2.1.2)
    cancan (1.6.4)
    deface (0.5.0)
      nokogiri (~> 1.4.3)
      rails (~> 3.0.0)
    devise (1.3.3)
      bcrypt-ruby (~> 2.1.2)
      orm_adapter (~> 0.0.3)
      warden (~> 1.0.3)
    erubis (2.6.6)
      abstract (>= 1.0.0)
    faker (0.9.5)
      i18n (~> 0.4)
    highline (1.5.1)
    i18n (0.5.0)
    mail (2.2.19)
      activesupport (>= 2.3.6)
      i18n (>= 0.4.0)
      mime-types (~> 1.16)
      treetop (~> 1.4.8)
    meta_search (1.0.5)
      actionpack (~> 3.0.2)
      activerecord (~> 3.0.2)
      activesupport (~> 3.0.2)
      arel (~> 2.0.2)
    mime-types (1.16)
    mysql2 (0.2.6-x86-mingw32)
    nested_set (1.6.7)
      activerecord (>= 3.0.0)
      railties (>= 3.0.0)
    nokogiri (1.4.7-x86-mingw32)
    orm_adapter (0.0.5)
    paperclip (2.3.11)
      activerecord (>= 2.3.0)
      activesupport (>= 2.3.2)
    polyglot (0.3.1)
    rack (1.2.3)
    rack-mount (0.6.14)
      rack (>= 1.0.0)
    rack-test (0.5.7)
      rack (>= 1.0)
    rake (0.8.7)
    rd_find_by_param (0.1.1)
      activerecord (~> 3.0)
      activesupport (~> 3.0)
    rd_resource_controller (1.0.1)
    rd_unobtrusive_date_picker (0.1.0)
    rdoc (3.8)
    ruby-ole (1.2.11.1)
    spreadsheet (0.6.5.7)
      ruby-ole (>= 1.0)
    state_machine (0.9.4)
    stringex (1.0.3)
    thor (0.14.6)
    treetop (1.4.9)
      polyglot (>= 0.3.1)
    tzinfo (0.3.29)
    warden (1.0.4)
      rack (>= 1.0)
    will_paginate (3.0.pre2)
    xml-simple (1.1.0)

PLATFORMS
  x86-mingw32

DEPENDENCIES
  aws-s3
  bundler
  deface
  mysql2
  rails!
  rake
  spree!
  spree_batch_products!
  spree_heroku (= 1.1.0)!
  spree_wholesale!
